PATH
  remote: .
  specs:
    justprep (1.2.5)

GEM
  remote: https://rubygems.org/
  specs:
    bump (0.10.0)
    debug_me (1.1.1)
    minitest (5.14.4)
    rake (13.0.4)
    semver2 (3.4.2)

PLATFORMS
  arm64-darwin-23
  x86_64-darwin-20

DEPENDENCIES
  bump
  debug_me
  justprep!
  minitest (~> 5.0)
  rake (~> 13.0)
  semver2

BUNDLED WITH
   2.2.24
